GIT
  remote: git://github.com/harai/kaminari.git
  revision: 384fcb5d11b66a0cc8fad030104bf80f82616355
  ref: 384fcb5d11b6
  branch: route_prefix_prototype
  specs:
    kaminari (0.14.1)
      actionpack (>= 3.0.0)
      activesupport (>= 3.0.0)

GIT
  remote: git://github.com/projecthydra-labs/fedora-migrate.git
  revision: e461ae0c15606530371e8607ac236df6df9baa52
  ref: e461ae0c15606530371e8607ac236df6df9baa52
  specs:
    fedora-migrate (0.0.1)
      hydra-head (~> 9.0)
      rchardet
      rubydora (~> 1.8)

GIT
  remote: git://github.com/projecthydra-labs/hydra-derivatives.git
  revision: 3a8f94766ae50eaf8687dc54fcff2c50b04bf6cd
  ref: 3a8f94766a
  specs:
    hydra-derivatives (1.0.0)
      active-fedora (~> 9.0)
      activesupport (~> 4.0)
      deprecation (~> 0.1)
      hydra-file_characterization (~> 0.3)
      mime-types (~> 1)
      mini_magick (>= 3.2, < 5)

GEM
  remote: https://rubygems.org/
  specs:
    actionmailer (4.1.9)
      actionpack (= 4.1.9)
      actionview (= 4.1.9)
      mail (~> 2.5, >= 2.5.4)
    actionpack (4.1.9)
      actionview (= 4.1.9)
      activesupport (= 4.1.9)
      rack (~> 1.5.2)
      rack-test (~> 0.6.2)
    actionview (4.1.9)
      activesupport (= 4.1.9)
      builder (~> 3.1)
      erubis (~> 2.7.0)
    active-fedora (9.0.1)
      active-triples (~> 0.6.0)
      activesupport (>= 4.1.0)
      deprecation
      ldp (~> 0.2.1)
      linkeddata
      nom-xml (>= 0.5.1)
      om (~> 3.1)
      rdf-ldp
      rdf-rdfxml (~> 1.1.0)
      rsolr (~> 1.0.10)
    active-triples (0.6.1)
      activemodel (>= 3.0.0)
      activesupport (>= 3.0.0)
      deprecation (~> 0.1)
      linkeddata (~> 1.1)
      rdf (~> 1.1)
    activemodel (4.1.9)
      activesupport (= 4.1.9)
      builder (~> 3.1)
    activerecord (4.1.9)
      activemodel (= 4.1.9)
      activesupport (= 4.1.9)
      arel (~> 5.0.0)
    activerecord-import (0.7.0)
      activerecord (>= 3.0)
    activeresource (4.0.0)
      activemodel (~> 4.0)
      activesupport (~> 4.0)
      rails-observers (~> 0.1.1)
    activesupport (4.1.9)
      i18n (~> 0.6, >= 0.6.9)
      json (~> 1.7, >= 1.7.7)
      minitest (~> 5.1)
      thread_safe (~> 0.1)
      tzinfo (~> 1.1)
    acts_as_follower (0.2.1)
    addressable (2.3.6)
    arel (5.0.1.20140414130214)
    autoparse (0.3.3)
      addressable (>= 2.3.1)
      extlib (>= 0.9.15)
      multi_json (>= 1.0.0)
    autoprefixer-rails (5.1.3)
      execjs
      json
    bcrypt (3.1.9)
    better_errors (2.1.1)
      coderay (>= 1.0.0)
      erubis (>= 2.6.6)
      rack (>= 0.9.0)
    binding_of_caller (0.7.2)
      debug_inspector (>= 0.0.1)
    blacklight (5.9.0)
      bootstrap-sass (~> 3.2)
      deprecation
      kaminari (~> 0.13)
      nokogiri (~> 1.6)
      rails (>= 3.2.6, < 5)
      rsolr (~> 1.0.6)
    blacklight-gallery (0.1.2)
      blacklight (~> 5.0)
      bootstrap-sass (~> 3.0)
      openseadragon (>= 0.0.9)
      rails
    blacklight_advanced_search (5.1.2)
      blacklight (>= 5.2, < 6.0)
      parslet
    blankslate (3.1.3)
    bootstrap-sass (3.3.3)
      autoprefixer-rails (>= 5.0.0.1)
      sass (>= 3.2.19)
    breadcrumbs_on_rails (2.3.0)
    browse-everything (0.7.1)
      bootstrap-sass
      dropbox-sdk (>= 1.6.2)
      font-awesome-rails
      google-api-client
      google_drive
      httparty
      rails (>= 3.1)
      ruby-box
      sass-rails
      skydrive
    builder (3.2.2)
    byebug (3.5.1)
      columnize (~> 0.8)
      debugger-linecache (~> 1.2)
      slop (~> 3.6)
    cancancan (1.10.1)
    capistrano (3.3.5)
      capistrano-stats (~> 1.1.0)
      i18n
      rake (>= 10.0.0)
      sshkit (~> 1.3)
    capistrano-bundler (1.1.4)
      capistrano (~> 3.1)
      sshkit (~> 1.2)
    capistrano-passenger (0.0.1)
      capistrano (~> 3.0)
    capistrano-rails (1.1.2)
      capistrano (~> 3.1)
      capistrano-bundler (~> 1.1)
    capistrano-rbenv (2.0.2)
      capistrano (~> 3.1)
      sshkit (~> 1.3)
    capistrano-rbenv-install (1.2.0)
      capistrano (>= 3.0)
      capistrano-rbenv (>= 2.0)
    capistrano-resque (0.2.1)
      capistrano
      resque
      resque-scheduler
    capistrano-stats (1.1.1)
    capybara (2.4.4)
      mime-types (>= 1.16)
      nokogiri (>= 1.3.3)
      rack (>= 1.0.0)
      rack-test (>= 0.5.4)
      xpath (~> 2.0)
    capybara-screenshot (1.0.4)
      capybara (>= 1.0, < 3)
      colored
      launchy
    carrierwave (0.10.0)
      activemodel (>= 3.2.0)
      activesupport (>= 3.2.0)
      json (>= 1.7)
      mime-types (>= 1.16)
    childprocess (0.5.5)
      ffi (~> 1.0, >= 1.0.11)
    chronic (0.10.2)
    clamav (0.4.1)
    cliver (0.3.2)
    coderay (1.1.0)
    coffee-rails (4.1.0)
      coffee-script (>= 2.2.0)
      railties (>= 4.0.0, < 5.0)
    coffee-script (2.3.0)
      coffee-script-source
      execjs
    coffee-script-source (1.8.0)
    colored (1.2)
    colorize (0.7.5)
    columnize (0.9.0)
    crack (0.4.2)
      safe_yaml (~> 1.0.0)
    daemon_controller (1.2.0)
    daemons (1.1.9)
    database_cleaner (1.4.0)
    debug_inspector (0.0.2)
    debugger-linecache (1.2.0)
    deprecation (0.1.0)
      activesupport
    devise (3.4.1)
      bcrypt (~> 3.0)
      orm_adapter (~> 0.1)
      railties (>= 3.2.6, < 5)
      responders
      thread_safe (~> 0.1)
      warden (~> 1.2.3)
    diff-lcs (1.2.5)
    dropbox-sdk (1.6.4)
      json
    ebnf (0.3.6)
      haml (~> 4.0)
      rdf (~> 1.1)
      sxp (~> 0.1, >= 0.1.3)
    equivalent-xml (0.5.1)
      nokogiri (>= 1.4.3)
    erubis (2.7.0)
    execjs (2.2.2)
    extlib (0.9.16)
    factory_girl (4.5.0)
      activesupport (>= 3.0.0)
    factory_girl_rails (4.5.0)
      factory_girl (~> 4.5.0)
      railties (>= 3.0.0)
    faraday (0.9.1)
      multipart-post (>= 1.2, < 3)
    fastercsv (1.5.5)
    ffi (1.9.6)
    font-awesome-rails (4.3.0.0)
      railties (>= 3.2, < 5.0)
    foreigner (1.7.2)
      activerecord (>= 3.0.0)
    fuubar (2.0.0)
      rspec (~> 3.0)
      ruby-progressbar (~> 1.4)
    google-api-client (0.8.2)
      activesupport (>= 3.2)
      addressable (~> 2.3)
      autoparse (~> 0.3)
      extlib (~> 0.9)
      faraday (~> 0.9)
      launchy (~> 2.4)
      multi_json (~> 1.10)
      retriable (~> 1.4)
      signet (~> 0.6)
    google_drive (1.0.0)
      google-api-client (>= 0.7.0)
      nokogiri (>= 1.4.4, != 1.5.2, != 1.5.1)
      oauth (>= 0.3.6)
      oauth2 (>= 0.5.0)
    haml (4.0.6)
      tilt
    hike (1.2.3)
    hooks (0.3.6)
      uber (~> 0.0.4)
    htmlentities (4.3.3)
    httmultiparty (0.3.16)
      httparty (>= 0.7.3)
      mimemagic
      multipart-post
    http_logger (0.5.1)
    httparty (0.13.3)
      json (~> 1.8)
      multi_xml (>= 0.5.2)
    hydra-access-controls (9.0.1)
      active-fedora (~> 9.0.0)
      activesupport (~> 4.0)
      blacklight (~> 5.3)
      cancancan (~> 1.8)
      deprecation (~> 0.1.0)
      sass-rails
    hydra-batch-edit (1.1.1)
      blacklight
      hydra-collections
    hydra-collections (4.0.0)
      deprecation (~> 0.1.0)
      hydra-head (~> 9.0.1)
    hydra-core (9.0.1)
      hydra-access-controls (= 9.0.1)
      jettywrapper (>= 2.0.0)
      rails (~> 4.0)
    hydra-editor (1.0.1)
      active-fedora (>= 9.0.0)
      cancancan (~> 1.8)
      rails (~> 4.1)
      simple_form (~> 3.1.0)
    hydra-file_characterization (0.3.1)
      activesupport (>= 3.0.0)
    hydra-head (9.0.1)
      hydra-access-controls (= 9.0.1)
      hydra-core (= 9.0.1)
      rails (>= 3.2.6)
    hydra-ldap (0.1.0)
      net-ldap
      rails
    i18n (0.7.0)
    jbuilder (2.2.6)
      activesupport (>= 3.0.0, < 5)
      multi_json (~> 1.2)
    jettywrapper (2.0.0)
      activesupport (>= 3.0.0)
      childprocess
      i18n
      logger
    jquery-rails (3.1.2)
      railties (>= 3.0, < 5.0)
      thor (>= 0.14, < 2.0)
    json (1.8.2)
    json-ld (1.1.7)
      rdf (~> 1.1, >= 1.1.4)
    jwt (1.2.1)
    kgio (2.9.3)
    launchy (2.4.3)
      addressable (~> 2.3)
    ldp (0.2.2)
      faraday
      http_logger
      linkeddata (>= 1.1)
      slop
    legato (0.4.0)
      multi_json
    libv8 (3.16.14.7)
    link_header (0.0.8)
    linkeddata (1.1.2)
      equivalent-xml (~> 0.4)
      json-ld (~> 1.1, >= 1.1.7)
      nokogiri (~> 1.6)
      rdf (~> 1.1, >= 1.1.7)
      rdf-aggregate-repo (~> 1.1)
      rdf-isomorphic (~> 1.1)
      rdf-json (~> 1.1)
      rdf-microdata (~> 2.0)
      rdf-n3 (~> 1.1)
      rdf-rdfa (~> 1.1, >= 1.1.5)
      rdf-rdfxml (~> 1.1, >= 1.1.3)
      rdf-reasoner (~> 0.2, >= 0.2.1)
      rdf-trig (~> 1.1, >= 1.1.3)
      rdf-trix (~> 1.1)
      rdf-turtle (~> 1.1, >= 1.1.5)
      sparql (~> 1.1, >= 1.1.4)
      sparql-client (~> 1.1, >= 1.1.3)
    logger (1.2.8)
    mail (2.6.3)
      mime-types (>= 1.16, < 3)
    mail_form (1.5.0)
      actionmailer (>= 3.2, < 5)
      activemodel (>= 3.2, < 5)
    mailboxer (0.12.5)
      carrierwave (>= 0.5.8)
      foreigner (>= 0.9.1)
      rails (>= 3.2.0)
    mime-types (1.25.1)
    mimemagic (0.2.1)
    mini_magick (4.1.0)
    mini_portile (0.6.2)
    minitest (5.5.1)
    mono_logger (1.1.0)
    multi_json (1.10.1)
    multi_xml (0.5.5)
    multipart-post (2.0.0)
    mysql2 (0.3.17)
    nest (1.1.2)
      redis
    net-http-persistent (2.9.4)
    net-ldap (0.11)
    net-scp (1.2.1)
      net-ssh (>= 2.6.5)
    net-ssh (2.9.2)
    netrc (0.10.2)
    newrelic_rpm (3.9.9.275)
    noid (0.7.1)
    nokogiri (1.6.6.2)
      mini_portile (~> 0.6.0)
    nom-xml (0.5.2)
      activesupport (>= 3.2.18)
      i18n
      nokogiri
    oauth (0.4.7)
    oauth2 (0.9.4)
      faraday (>= 0.8, < 0.10)
      jwt (~> 1.0)
      multi_json (~> 1.3)
      multi_xml (~> 0.5)
      rack (~> 1.2)
    om (3.1.0)
      activemodel
      activesupport
      nokogiri (>= 1.4.2)
      solrizer (~> 3.3)
    openseadragon (0.0.9)
      rails (> 3.2.0)
    orm_adapter (0.5.0)
    parslet (1.6.2)
      blankslate (>= 2.0, <= 4.0)
    passenger (4.0.58)
      daemon_controller (>= 1.2.0)
      rack
      rake (>= 0.8.1)
    poltergeist (1.5.1)
      capybara (~> 2.1)
      cliver (~> 0.3.1)
      multi_json (~> 1.0)
      websocket-driver (>= 0.2.0)
    rack (1.5.2)
    rack-protection (1.5.3)
      rack
    rack-test (0.6.3)
      rack (>= 1.0)
    rails (4.1.9)
      actionmailer (= 4.1.9)
      actionpack (= 4.1.9)
      actionview (= 4.1.9)
      activemodel (= 4.1.9)
      activerecord (= 4.1.9)
      activesupport (= 4.1.9)
      bundler (>= 1.3.0, < 2.0)
      railties (= 4.1.9)
      sprockets-rails (~> 2.0)
    rails-observers (0.1.2)
      activemodel (~> 4.0)
    rails_autolink (1.1.6)
      rails (> 3.1)
    railties (4.1.9)
      actionpack (= 4.1.9)
      activesupport (= 4.1.9)
      rake (>= 0.8.7)
      thor (>= 0.18.1, < 2.0)
    rainbow (2.0.0)
    raindrops (0.13.0)
    rake (10.4.2)
    rchardet (1.6.0)
    rdf (1.1.8)
      link_header (~> 0.0, >= 0.0.8)
    rdf-aggregate-repo (1.1.0)
      rdf (>= 1.1)
    rdf-isomorphic (1.1.0)
      rdf (>= 1.1)
    rdf-json (1.1.1)
      rdf (~> 1.1)
    rdf-ldp (0.0.4)
      rdf
    rdf-microdata (2.0)
      htmlentities (~> 4.3)
      nokogiri (~> 1.6)
      rdf (~> 1.1)
      rdf-xsd (~> 1.1)
    rdf-n3 (1.1.2)
      rdf (~> 1.1, >= 1.1.5)
    rdf-rdfa (1.1.5)
      haml (~> 4.0)
      htmlentities (~> 4.3)
      rdf (~> 1.1, >= 1.1.6)
      rdf-aggregate-repo
      rdf-xsd (~> 1.1)
    rdf-rdfxml (1.1.3)
      htmlentities (~> 4.3)
      rdf (~> 1.1, >= 1.1.6)
      rdf-rdfa (~> 1.1, >= 1.1.4.1)
      rdf-xsd (~> 1.1)
    rdf-reasoner (0.2.1)
      rdf (~> 1.1, >= 1.1.4.2)
      rdf-turtle (~> 1.1)
      rdf-xsd (~> 1.1)
    rdf-trig (1.1.3.1)
      ebnf (~> 0.3, >= 0.3.5)
      rdf (~> 1.1, >= 1.1.2.1)
      rdf-turtle (~> 1.1, >= 1.1.3)
    rdf-trix (1.1.0)
      rdf (>= 1.1)
    rdf-turtle (1.1.5)
      ebnf (~> 0.3, >= 0.3.6)
      rdf (~> 1.1, >= 1.1.4)
    rdf-xsd (1.1.2)
      rdf (~> 1.1)
    redis (3.2.0)
    redis-namespace (1.5.1)
      redis (~> 3.0, >= 3.0.4)
    ref (1.0.5)
    responders (1.1.2)
      railties (>= 3.2, < 4.2)
    resque (1.25.2)
      mono_logger (~> 1.0)
      multi_json (~> 1.0)
      redis-namespace (~> 1.3)
      sinatra (>= 0.9.2)
      vegas (~> 0.1.2)
    resque-pool (0.3.0)
      rake
      resque (~> 1.20)
      trollop (~> 1.16)
    resque-scheduler (4.0.0)
      mono_logger (~> 1.0)
      redis (~> 3.0)
      resque (~> 1.25)
      rufus-scheduler (~> 3.0)
    rest-client (1.7.2)
      mime-types (>= 1.16, < 3.0)
      netrc (~> 0.7)
    retriable (1.4.1)
    rsolr (1.0.10)
      builder (>= 2.1.2)
    rspec (3.1.0)
      rspec-core (~> 3.1.0)
      rspec-expectations (~> 3.1.0)
      rspec-mocks (~> 3.1.0)
    rspec-activemodel-mocks (1.0.1)
      activemodel (>= 3.0)
      activesupport (>= 3.0)
      rspec-mocks (>= 2.99, < 4.0)
    rspec-core (3.1.7)
      rspec-support (~> 3.1.0)
    rspec-expectations (3.1.2)
      diff-lcs (>= 1.2.0, < 2.0)
      rspec-support (~> 3.1.0)
    rspec-mocks (3.1.3)
      rspec-support (~> 3.1.0)
    rspec-rails (3.1.0)
      actionpack (>= 3.0)
      activesupport (>= 3.0)
      railties (>= 3.0)
      rspec-core (~> 3.1.0)
      rspec-expectations (~> 3.1.0)
      rspec-mocks (~> 3.1.0)
      rspec-support (~> 3.1.0)
    rspec-support (3.1.2)
    ruby-box (1.15.0)
      addressable
      json
      multipart-post
      oauth2
    ruby-progressbar (1.7.1)
    rubydora (1.8.1)
      activemodel
      activesupport
      deprecation
      equivalent-xml
      fastercsv
      hooks (~> 0.3.0)
      mime-types
      nokogiri
      rest-client
    rufus-scheduler (3.0.9)
      tzinfo
    safe_yaml (1.0.4)
    sass (3.2.19)
    sass-rails (4.0.5)
      railties (>= 4.0.0, < 5.0)
      sass (~> 3.2.2)
      sprockets (~> 2.8, < 3.0)
      sprockets-rails (~> 2.0)
    select2-rails (3.5.9.2)
      thor (~> 0.14)
    signet (0.6.0)
      addressable (~> 2.3)
      extlib (~> 0.9)
      faraday (~> 0.9)
      jwt (~> 1.0)
      multi_json (~> 1.10)
    simple_form (3.1.0)
      actionpack (~> 4.0)
      activemodel (~> 4.0)
    sinatra (1.4.5)
      rack (~> 1.4)
      rack-protection (~> 1.4)
      tilt (~> 1.3, >= 1.3.4)
    sitemap (0.3.3)
    skydrive (1.1.0)
      activesupport
      httmultiparty
      httparty (>= 0.11.0)
      oauth2 (>= 0.9.2)
    slop (3.6.0)
    solrizer (3.3.0)
      activesupport
      daemons
      nokogiri
      stomp
      xml-simple
    sparql (1.1.4)
      builder (~> 3.0)
      ebnf (~> 0.3, >= 0.3.5)
      rdf (~> 1.1, >= 1.1.4)
      rdf-aggregate-repo (~> 1.1, >= 1.1.0)
      rdf-xsd (~> 1.1)
      sparql-client (~> 1.1)
      sxp (~> 0.1)
    sparql-client (1.1.3.1)
      net-http-persistent (~> 2.9)
      rdf (~> 1.1)
    sprockets (2.12.3)
      hike (~> 1.2)
      multi_json (~> 1.0)
      rack (~> 1.0)
      tilt (~> 1.1, != 1.3.0)
    sprockets-rails (2.2.4)
      actionpack (>= 3.0)
      activesupport (>= 3.0)
      sprockets (>= 2.8, < 4.0)
    sqlite3 (1.3.10)
    sshkit (1.6.1)
      colorize (>= 0.7.0)
      net-scp (>= 1.1.2)
      net-ssh (>= 2.8.0)
    stomp (1.3.4)
    sufia (6.0.0.rc4)
      blacklight (~> 5.5)
      blacklight-gallery (~> 0.1)
      blacklight_advanced_search (~> 5.0)
      breadcrumbs_on_rails (~> 2.3.0)
      browse-everything (~> 0.4)
      daemons (~> 1.1)
      devise (~> 3.0)
      font-awesome-rails (~> 4.2)
      hydra-batch-edit (~> 1.1)
      hydra-editor (~> 1.0)
      mail_form (~> 1.5)
      rails_autolink (~> 1.1)
      sass-rails
      select2-rails (~> 3.5.9)
      sufia-models (= 6.0.0.rc4)
      tinymce-rails (~> 4.0.19)
      tinymce-rails-imageupload (~> 4.0.16.beta)
      yaml_db (~> 0.2)
    sufia-models (6.0.0.rc4)
      active-fedora (~> 9.0)
      activerecord-import (~> 0.5)
      activeresource (~> 4.0)
      acts_as_follower (>= 0.1.1, < 0.3)
      carrierwave (~> 0.9)
      google-api-client (~> 0.7)
      hydra-collections (~> 4.0)
      hydra-derivatives (~> 1.0)
      hydra-head (~> 9.0)
      legato (~> 0.3)
      mailboxer (~> 0.12)
      mini_magick
      nest (~> 1.1)
      noid (~> 0.6)
      oauth2 (~> 0.9)
      rails (~> 4.0)
      resque (~> 1.23)
      resque-pool (~> 0.3)
    sxp (0.1.5)
    therubyracer (0.12.1)
      libv8 (~> 3.16.14.0)
      ref
    thor (0.19.1)
    thread_safe (0.3.4)
    tilt (1.4.1)
    tinymce-rails (4.0.28.2)
      railties (>= 3.1.1)
    tinymce-rails-imageupload (4.0.16.beta)
      railties (>= 3.2, < 5)
      tinymce-rails (~> 4.0)
    trollop (1.16.2)
    tzinfo (1.2.2)
      thread_safe (~> 0.1)
    uber (0.0.13)
    uglifier (2.7.0)
      execjs (>= 0.3.0)
      json (>= 1.8.0)
    unicorn (4.8.3)
      kgio (~> 2.6)
      rack
      raindrops (~> 0.7)
    unicorn-rails (2.2.0)
      rack
      unicorn
    vcr (2.9.3)
    vegas (0.1.11)
      rack (>= 1.0.0)
    warden (1.2.3)
      rack (>= 1.0)
    webmock (1.20.4)
      addressable (>= 2.3.6)
      crack (>= 0.3.2)
    websocket-driver (0.5.1)
      websocket-extensions (>= 0.1.0)
    websocket-extensions (0.1.1)
    whenever (0.9.4)
      chronic (>= 0.6.3)
    xml-simple (1.1.4)
    xpath (2.0.0)
      nokogiri (~> 1.3)
    yaml_db (0.3.0)
      rails (>= 3.0, < 4.3)
      rake (>= 0.8.7)

PLATFORMS
  ruby

DEPENDENCIES
  better_errors
  binding_of_caller
  byebug
  capistrano (~> 3.0)
  capistrano-bundler (~> 1.1)
  capistrano-passenger
  capistrano-rails (~> 1.1)
  capistrano-rbenv (~> 2.0)
  capistrano-rbenv-install
  capistrano-resque (~> 0.2.1)
  capybara (~> 2.0)
  capybara-screenshot
  clamav
  coffee-rails
  database_cleaner
  devise (~> 3.4)
  equivalent-xml
  factory_girl_rails (~> 4.1)
  fedora-migrate!
  fuubar
  hydra-derivatives!
  hydra-ldap (= 0.1.0)
  jbuilder (~> 2.0)
  jettywrapper
  jquery-rails
  kaminari!
  launchy
  mysql2 (~> 0.3.17)
  nest
  newrelic_rpm
  passenger
  poltergeist
  rails (= 4.1.9)
  rainbow
  resque-pool
  rspec-activemodel-mocks
  rspec-rails
  sass-rails (~> 4.0.3)
  select2-rails
  sitemap
  sqlite3
  sufia (= 6.0.0.rc4)
  therubyracer
  uglifier
  unicorn-rails
  vcr
  webmock
  whenever
  yaml_db
